GEM
  remote: https://rubygems.org/
  specs:
    addressable (2.8.1)
      public_suffix (>= 2.0.2, < 6.0)
    coderay (1.1.3)
    json (2.3.0)
    method_source (1.0.0)
    nethttputils (0.4.0.0)
      addressable
    pry (0.13.1)
      coderay (~> 1.1)
      method_source (~> 1.0)
    public_suffix (5.0.0)
    reddit_bot (1.7.4)
      json
      nethttputils (~> 0.4.0.0)
    terminal-notifier (2.0.0)

PLATFORMS
  ruby

DEPENDENCIES
  pry
  reddit_bot
  terminal-notifier

BUNDLED WITH
   2.0.2
